{
	"Modality": "MR",
	"MagneticFieldStrength": 1.5,
	"ImagingFrequency": 63.6835,
	"Manufacturer": "Siemens",
	"ManufacturersModelName": "Avanto",
	"InstitutionName": "HUP",
	"InstitutionalDepartmentName": "Department",
	"InstitutionAddress": "Spruce_Street_3400_Philadelphia_Pennsylvania_US_19104",
	"DeviceSerialNumber": "57146",
	"StationName": "AWP57146",
	"BodyPartExamined": "PANCREAS",
	"PatientPosition": "HFS",
	"ProcedureStepDescription": "MR_ABDOMEN_W_AND_WO_IV_CONTRAST",
	"SoftwareVersions": "syngo_MR_D13",
	"MRAcquisitionType": "3D",
	"SeriesDescription": "Axial_KWIC_Flip04_FullFrame_T0",
	"ProtocolName": "Axial_KWIC_Flip04",
	"ScanningSequence": "GR",
	"SequenceVariant": "SP",
	"SequenceName": "fl3d1_FullFrame",
	"ImageType": ["ORIGINAL", "PRIMARY", "M", "ND"],
	"SeriesNumber": 12,
	"AcquisitionTime": "10:15:31.893440",
	"AcquisitionNumber": 1,
	"SliceThickness": 5,
	"SAR": 0.0628978,
	"EchoTime": 0.00167,
	"RepetitionTime": 0.00366,
	"FlipAngle": 4,
	"PartialFourier": 1,
	"BaseResolution": 256,
	"ShimSetting": [
		-26,
		-125,
		153,
		442,
		-61,
		-379,
		605,
		-302	],
	"TxRefAmp": 320.002,
	"PhaseResolution": 1,
	"ReceiveCoilName": "SpineMatrix",
	"ReceiveCoilActiveElements": "BO1,2;SP3,4",
	"CoilString": "BO1_2;SP3_4",
	"PulseSequenceDetails": "%CustomerSeq%_fl3d_vibe_radial_528GG_HUP",
	"ConsistencyInfo": "N4_VD13A_LATEST_20120616",
	"PercentPhaseFOV": 100,
	"PhaseEncodingSteps": 1440,
	"AcquisitionMatrixPE": 256,
	"ReconMatrixPE": 256,
	"PixelBandwidth": 500,
	"DwellTime": 3.9e-06,
	"ImageOrientationPatientDICOM": [
		1,
		0,
		0,
		0,
		1,
		0	],
	"InPlanePhaseEncodingDirectionDICOM": "COL",
	"ConversionSoftware": "dcm2niix",
	"ConversionSoftwareVersion": "v1.0.20190410  (JP2:OpenJPEG) (JP-LS:CharLS) Clang8.1.0"
}
